GEM
  remote: https://rubygems.org/
  specs:
    activesupport (8.0.2)
      base64
      benchmark (>= 0.3)
      bigdecimal
      concurrent-ruby (~> 1.0, >= 1.3.1)
      connection_pool (>= 2.2.5)
      drb
      i18n (>= 1.6, < 2)
      logger (>= 1.4.2)
      minitest (>= 5.1)
      securerandom (>= 0.3)
      tzinfo (~> 2.0, >= 2.0.5)
      uri (>= 0.13.1)
    addressable (2.8.7)
      public_suffix (>= 2.0.2, < 7.0)
    autoprefixer-rails (9.8.6.5)
      execjs
    base64 (0.3.0)
    benchmark (0.4.1)
    bigdecimal (3.2.2)
    coffee-script (2.4.1)
      coffee-script-source
      execjs
    coffee-script-source (1.12.2)
    concurrent-ruby (1.3.5)
    connection_pool (2.5.3)
    contracts (0.17.2)
    dotenv (3.1.8)
    drb (2.2.3)
    em-websocket (0.5.3)
      eventmachine (>= 0.12.9)
      http_parser.rb (~> 0)
    erubi (1.13.1)
    eventmachine (1.2.7)
    execjs (2.10.0)
    fast_blank (1.0.1)
    fastimage (2.4.0)
    ffi (1.17.2)
    ffi (1.17.2-aarch64-linux-gnu)
    ffi (1.17.2-aarch64-linux-musl)
    ffi (1.17.2-arm-linux-gnu)
    ffi (1.17.2-arm-linux-musl)
    ffi (1.17.2-x86_64-linux-gnu)
    haml (6.3.0)
      temple (>= 0.8.2)
      thor
      tilt
    hamster (3.0.0)
      concurrent-ruby (~> 1.0)
    hashie (5.0.0)
    http_parser.rb (0.8.0)
    i18n (1.14.7)
      concurrent-ruby (~> 1.0)
    kramdown (2.5.1)
      rexml (>= 3.3.9)
    listen (3.9.0)
      rb-fsevent (~> 0.10, >= 0.10.3)
      rb-inotify (~> 0.9, >= 0.9.10)
    logger (1.7.0)
    memoist (0.16.2)
    middleman (4.6.1)
      middleman-cli (= 4.6.1)
      middleman-core (= 4.6.1)
    middleman-autoprefixer (2.10.1)
      autoprefixer-rails (~> 9.1)
      middleman-core (>= 3.3.3)
    middleman-cli (4.6.1)
      thor (>= 0.17.0, < 2)
    middleman-core (4.6.1)
      activesupport (>= 6.1)
      addressable (~> 2.4)
      bundler (~> 2.0)
      coffee-script (~> 2.2)
      contracts
      dotenv
      erubi
      execjs (~> 2.0)
      fast_blank
      fastimage (~> 2.0)
      haml (>= 4.0.5)
      hamster (~> 3.0)
      hashie (>= 3.4, < 6.0)
      i18n (>= 1.6, < 1.15)
      kramdown (~> 2.4)
      listen (~> 3.0)
      memoist (~> 0.14)
      padrino-helpers (~> 0.15.0)
      parallel
      rack (>= 3)
      rackup
      sassc (~> 2.0)
      servolux
      tilt (~> 2.2)
      toml
      uglifier (>= 3, < 5)
      webrick
    middleman-livereload (3.4.7)
      em-websocket (~> 0.5.1)
      middleman-core (>= 3.3)
      rack-livereload (~> 0.3.15)
    middleman-sprockets (4.1.1)
      middleman-core (~> 4.0)
      sprockets (>= 3.0)
    middleman-syntax (3.5.0)
      middleman-core (>= 3.2)
      rouge (~> 3.2)
    mini_portile2 (2.5.3)
    minitest (5.25.5)
    nokogiri (1.11.7)
      mini_portile2 (~> 2.5.0)
      racc (~> 1.4)
    padrino-helpers (0.15.3)
      i18n (>= 0.6.7, < 2)
      padrino-support (= 0.15.3)
      tilt (>= 1.4.1, < 3)
    padrino-support (0.15.3)
    parallel (1.27.0)
    parslet (2.0.0)
    public_suffix (6.0.2)
    racc (1.8.1)
    rack (3.1.16)
    rack-livereload (0.3.17)
      rack
    rackup (2.2.1)
      rack (>= 3)
    rb-fsevent (0.11.2)
    rb-inotify (0.11.1)
      ffi (~> 1.0)
    redcarpet (3.5.1)
    rexml (3.4.1)
    rouge (3.30.0)
    sass (3.7.4)
      sass-listen (~> 4.0.0)
    sass-listen (4.0.0)
      rb-fsevent (~> 0.9, >= 0.9.4)
      rb-inotify (~> 0.9, >= 0.9.7)
    sassc (2.4.0)
      ffi (~> 1.9)
    securerandom (0.4.1)
    servolux (0.13.0)
    sprockets (4.2.2)
      concurrent-ruby (~> 1.0)
      logger
      rack (>= 2.2.4, < 4)
    temple (0.10.3)
    thor (1.3.2)
    tilt (2.6.1)
    toml (0.3.0)
      parslet (>= 1.8.0, < 3.0.0)
    tzinfo (2.0.6)
      concurrent-ruby (~> 1.0)
    uglifier (4.2.1)
      execjs (>= 0.3.0, < 3)
    uri (1.0.3)
    webrick (1.9.1)

PLATFORMS
  aarch64-linux-gnu
  aarch64-linux-musl
  arm-linux-gnu
  arm-linux-musl
  ruby
  x86_64-linux-gnu

DEPENDENCIES
  middleman (~> 4.6)
  middleman-autoprefixer (~> 2.7)
  middleman-livereload
  middleman-sprockets (~> 4.1)
  middleman-syntax (~> 3.2)
  nokogiri (~> 1.11.0)
  redcarpet (~> 3.5.0)
  rouge (~> 3.21)
  sass
  webrick

RUBY VERSION
   ruby 3.2.3p157

BUNDLED WITH
   2.6.9
